PATH
  remote: .
  specs:
    gpe-pivot (0.1.0)
      json (>= 2.2, < 2.4)
      sinatra (~> 2.0.5)

GEM
  remote: https://rubygems.org/
  specs:
    json (2.3.1)
    mustermann (1.1.1)
      ruby2_keywords (~> 0.0.1)
    rack (2.0.7)
    rack-protection (2.0.8.1)
      rack
    rake (10.5.0)
    ruby2_keywords (0.0.2)
    sinatra (2.0.8.1)
      mustermann (~> 1.0)
      rack (~> 2.0)
      rack-protection (= 2.0.8.1)
      tilt (~> 2.0)
    tilt (2.0.10)

PLATFORMS
  ruby

DEPENDENCIES
  bundler (~> 1.17)
  gpe-pivot!
  rack
  rake (~> 10.0)

BUNDLED WITH
   1.17.2
