PATH
  remote: .
  specs:
    gpe-pivot (0.1.0)
      json (~> 2.2.0)
      sinatra (~> 2.0.5)

GEM
  remote: https://rubygems.org/
  specs:
    awesome_print (1.8.0)
    json (2.2.0)
    mustermann (1.0.3)
    rack (2.0.7)
    rack-protection (2.0.5)
      rack
    rake (10.5.0)
    sinatra (2.0.5)
      mustermann (~> 1.0)
      rack (~> 2.0)
      rack-protection (= 2.0.5)
      tilt (~> 2.0)
    tilt (2.0.9)

PLATFORMS
  ruby

DEPENDENCIES
  awesome_print
  bundler (~> 1.17)
  gpe-pivot!
  rack
  rake (~> 10.0)

BUNDLED WITH
   1.17.2
